GEM
  remote: http://rubygems.org/
  specs:
    eventmachine (1.0.0.rc.4)
    eventmachine_httpserver (0.2.1)
    json (2.3.0)

PLATFORMS
  ruby

DEPENDENCIES
  eventmachine (= 1.0.0.rc.4)
  eventmachine_httpserver
  json
